GIT
  remote: git://github.com/mongoid/mongoid.git
  revision: 124627a60020c081a50136dd49e6c6652e7226c5
  branch: master
  specs:
    mongoid (4.0.0)
      activemodel (~> 4.0.0.beta)
      moped (~> 1.4.2)
      origin (~> 1.0)
      tzinfo (~> 0.3.22)

GIT
  remote: git://github.com/rails/rails.git
  revision: 202041e762a98cb433c3a24a0b03308d4e05a99d
  branch: master
  specs:
    actionmailer (4.0.0.beta1)
      actionpack (= 4.0.0.beta1)
      mail (~> 2.5.3)
    actionpack (4.0.0.beta1)
      activesupport (= 4.0.0.beta1)
      builder (~> 3.1.0)
      erubis (~> 2.7.0)
      rack (~> 1.5.2)
      rack-test (~> 0.6.2)
    activemodel (4.0.0.beta1)
      activesupport (= 4.0.0.beta1)
      builder (~> 3.1.0)
    activerecord (4.0.0.beta1)
      activemodel (= 4.0.0.beta1)
      activerecord-deprecated_finders (~> 0.0.3)
      activesupport (= 4.0.0.beta1)
      arel (~> 4.0.0.beta1)
    activesupport (4.0.0.beta1)
      i18n (~> 0.6.2)
      minitest (~> 4.2)
      multi_json (~> 1.3)
      thread_safe (~> 0.1)
      tzinfo (~> 0.3.33)
    rails (4.0.0.beta1)
      actionmailer (= 4.0.0.beta1)
      actionpack (= 4.0.0.beta1)
      activerecord (= 4.0.0.beta1)
      activesupport (= 4.0.0.beta1)
      bundler (>= 1.3.0, < 2.0)
      railties (= 4.0.0.beta1)
      sprockets-rails (~> 2.0.0.rc3)
    railties (4.0.0.beta1)
      actionpack (= 4.0.0.beta1)
      activesupport (= 4.0.0.beta1)
      rake (>= 0.8.7)
      rdoc (~> 3.4)
      thor (>= 0.17.0, < 2.0)

PATH
  remote: .
  specs:
    devise (2.2.3)
      bcrypt-ruby (~> 3.0)
      orm_adapter (~> 0.1)
      railties (~> 4.0.0.beta)
      warden (~> 1.2.1)

GEM
  remote: http://rubygems.org/
  specs:
    activerecord-deprecated_finders (0.0.3)
    arel (4.0.0.beta1)
    atomic (1.0.1)
    bcrypt-ruby (3.0.1)
    builder (3.1.4)
    erubis (2.7.0)
    faraday (0.8.6)
      multipart-post (~> 1.1)
    hashie (1.2.0)
    hike (1.2.1)
    httpauth (0.2.0)
    i18n (0.6.2)
    json (1.7.7)
    jwt (0.1.5)
      multi_json (>= 1.0)
    mail (2.5.3)
      i18n (>= 0.4.0)
      mime-types (~> 1.16)
      treetop (~> 1.4.8)
    metaclass (0.0.1)
    mime-types (1.21)
    minitest (4.6.1)
    mocha (0.13.2)
      metaclass (~> 0.0.1)
    moped (1.4.2)
    multi_json (1.6.1)
    multipart-post (1.1.5)
    nokogiri (1.5.6)
    oauth2 (0.8.1)
      faraday (~> 0.8)
      httpauth (~> 0.1)
      jwt (~> 0.1.4)
      multi_json (~> 1.0)
      rack (~> 1.2)
    omniauth (1.0.3)
      hashie (~> 1.2)
      rack
    omniauth-facebook (1.4.0)
      omniauth-oauth2 (~> 1.0.2)
    omniauth-oauth2 (1.0.3)
      oauth2 (~> 0.8.0)
      omniauth (~> 1.0)
    omniauth-openid (1.0.1)
      omniauth (~> 1.0)
      rack-openid (~> 1.3.1)
    origin (1.0.11)
    orm_adapter (0.4.0)
    polyglot (0.3.3)
    protected_attributes (1.0.0)
      activemodel (>= 4.0.0.beta, < 5.0)
    rack (1.5.2)
    rack-openid (1.3.1)
      rack (>= 1.1.0)
      ruby-openid (>= 2.1.8)
    rack-test (0.6.2)
      rack (>= 1.0)
    rake (10.0.3)
    rdoc (3.12.2)
      json (~> 1.4)
    ruby-openid (2.2.3)
    sprockets (2.9.0)
      hike (~> 1.2)
      multi_json (~> 1.0)
      rack (~> 1.0)
      tilt (~> 1.1, != 1.3.0)
    sprockets-rails (2.0.0.rc3)
      actionpack (>= 3.0)
      activesupport (>= 3.0)
      sprockets (~> 2.8)
    sqlite3 (1.3.7)
    thor (0.17.0)
    thread_safe (0.1.0)
      atomic
    tilt (1.3.3)
    treetop (1.4.12)
      polyglot
      polyglot (>= 0.3.1)
    tzinfo (0.3.35)
    warden (1.2.1)
      rack (>= 1.0)
    webrat (0.7.2)
      nokogiri (>= 1.2.0)
      rack (>= 1.0)
      rack-test (>= 0.5.3)

PLATFORMS
  ruby

DEPENDENCIES
  activerecord-jdbc-adapter
  activerecord-jdbcsqlite3-adapter
  devise!
  jruby-openssl
  mocha (~> 0.13.1)
  mongoid!
  omniauth (~> 1.0.0)
  omniauth-facebook
  omniauth-oauth2 (~> 1.0.0)
  omniauth-openid (~> 1.0.1)
  protected_attributes (~> 1.0.0)
  rails (~> 4.0.0.beta)!
  rdoc
  sqlite3
  webrat (= 0.7.2)
