PATH
  remote: .
  specs:
    devise (1.2.rc)
      bcrypt-ruby (~> 2.1.2)
      orm_adapter (~> 0.0.2)
      warden (~> 1.0.0)

GEM
  remote: http://rubygems.org/
  specs:
    abstract (1.0.0)
    actionmailer (3.0.0)
      actionpack (= 3.0.0)
      mail (~> 2.2.5)
    actionpack (3.0.0)
      activemodel (= 3.0.0)
      activesupport (= 3.0.0)
      builder (~> 2.1.2)
      erubis (~> 2.6.6)
      i18n (~> 0.4.1)
      rack (~> 1.2.1)
      rack-mount (~> 0.6.12)
      rack-test (~> 0.5.4)
      tzinfo (~> 0.3.23)
    activemodel (3.0.0)
      activesupport (= 3.0.0)
      builder (~> 2.1.2)
      i18n (~> 0.4.1)
    activerecord (3.0.0)
      activemodel (= 3.0.0)
      activesupport (= 3.0.0)
      arel (~> 1.0.0)
      tzinfo (~> 0.3.23)
    activerecord-jdbc-adapter (0.9.7-java)
    activerecord-jdbcsqlite3-adapter (0.9.7-java)
      activerecord-jdbc-adapter (= 0.9.7)
      jdbc-sqlite3 (>= 3.6.3.054)
    activeresource (3.0.0)
      activemodel (= 3.0.0)
      activesupport (= 3.0.0)
    activesupport (3.0.0)
    addressable (2.1.2)
    arel (1.0.1)
      activesupport (~> 3.0.0)
    bcrypt-ruby (2.1.2)
    bson (1.0.4)
    bson_ext (1.0.7)
    builder (2.1.2)
    columnize (0.3.1)
    erubis (2.6.6)
      abstract (>= 1.0.0)
    faraday (0.5.0)
      addressable (~> 2.1.1)
      multipart-post (~> 1.0.1)
      rack (~> 1.2.1)
    i18n (0.4.1)
    jdbc-sqlite3 (3.6.3.054)
    linecache (0.43)
    mail (2.2.6.1)
      activesupport (>= 2.3.6)
      mime-types
      treetop (>= 1.4.5)
    mime-types (1.16)
    mocha (0.9.8)
      rake
    mongo (1.0.7)
      bson (>= 1.0.4)
    mongoid (2.0.0.beta.18)
      activemodel (~> 3.0.0)
      bson (= 1.0.4)
      mongo (= 1.0.7)
      tzinfo (~> 0.3.22)
      will_paginate (~> 3.0.pre)
    multi_json (0.0.4)
    multipart-post (1.0.1)
    nokogiri (1.4.3.1)
    nokogiri (1.4.3.1-java)
      weakling (>= 0.0.3)
    oauth2 (0.1.0)
      faraday (~> 0.5.0)
      multi_json (~> 0.0.4)
    orm_adapter (0.0.2)
    polyglot (0.3.1)
    rack (1.2.1)
    rack-mount (0.6.13)
      rack (>= 1.0.0)
    rack-test (0.5.5)
      rack (>= 1.0)
    rails (3.0.0)
      actionmailer (= 3.0.0)
      actionpack (= 3.0.0)
      activerecord (= 3.0.0)
      activeresource (= 3.0.0)
      activesupport (= 3.0.0)
      bundler (~> 1.0.0)
      railties (= 3.0.0)
    railties (3.0.0)
      actionpack (= 3.0.0)
      activesupport (= 3.0.0)
      rake (>= 0.8.4)
      thor (~> 0.14.0)
    rake (0.8.7)
    ruby-debug (0.10.3)
      columnize (>= 0.1)
      ruby-debug-base (~> 0.10.3.0)
    ruby-debug-base (0.10.3)
      linecache (>= 0.3)
    sqlite3-ruby (1.3.1)
    thor (0.14.1)
    treetop (1.4.8)
      polyglot (>= 0.3.1)
    tzinfo (0.3.23)
    warden (1.0.0)
      rack (>= 1.0.0)
    weakling (0.0.4-java)
    webrat (0.7.1)
      nokogiri (>= 1.2.0)
      rack (>= 1.0)
      rack-test (>= 0.5.3)
    will_paginate (3.0.pre2)

PLATFORMS
  java
  ruby

DEPENDENCIES
  activerecord-jdbcsqlite3-adapter
  bcrypt-ruby (~> 2.1.2)
  bson_ext (= 1.0.7)
  devise!
  mocha
  mongo (= 1.0.7)
  mongoid (= 2.0.0.beta.18)
  oauth2
  orm_adapter (~> 0.0.2)
  rails (= 3.0.0)
  ruby-debug (>= 0.10.3)
  sqlite3-ruby
  warden (~> 1.0.0)
  webrat (= 0.7.1)
